GEM
  remote: https://rubygems.org/
  specs:
    chunky_png (1.4.0)
    coderay (1.1.3)
    method_source (1.1.0)
    mini_magick (5.0.1)
    perlin_noise (0.2.0)
    pry (0.14.2)
      coderay (~> 1.1)
      method_source (~> 1.0)

PLATFORMS
  x64-mingw-ucrt

DEPENDENCIES
  chunky_png
  mini_magick
  perlin_noise
  pry

BUNDLED WITH
   2.5.22
